GEM
  remote: https://rubygems.org/
  specs:
    commonmarker (0.21.0)
      ruby-enum (~> 0.5)
    concurrent-ruby (1.1.6)
    github-markup (3.0.4)
    i18n (1.8.2)
      concurrent-ruby (~> 1.0)
    ruby-enum (0.8.0)
      i18n

PLATFORMS
  ruby

DEPENDENCIES
  commonmarker (~> 0.21.0)
  github-markup (~> 3.0)

BUNDLED WITH
   2.1.2
